GEM
  remote: http://rubygems.org/
  specs:
    highline (1.6.14)
    trollop (2.0)

PLATFORMS
  ruby

DEPENDENCIES
  highline
  trollop
