GEM
  remote: http://rubygems.org/
  specs:
    highline (3.1.0)
      reline
    io-console (0.7.2)
    reline (0.5.9)
      io-console (~> 0.5)
    trollop (2.9.10)

PLATFORMS
  ruby
  x86_64-linux

DEPENDENCIES
  highline
  trollop

BUNDLED WITH
   2.5.11
